GEM
  remote: https://rubygems.org/
  specs:
    lotus-model (0.3.0)
      lotus-utils (~> 0.4)
      sequel (~> 4.9)
    lotus-utils (0.4.0)
    sequel (4.20.0)
    sqlite3 (1.3.10)

PLATFORMS
  ruby

DEPENDENCIES
  lotus-model
  sqlite3
